GIT
  remote: https://github.com/syncrou/catalog-api-client-ruby.git
  revision: 494f80976b4e7379b2a4d0da2de5276453d89bbe
  specs:
    catalog-api-client-ruby (1.0.0)
      json (~> 2.1, >= 2.1.0)
      typhoeus (~> 1.0, >= 1.0.1)

GEM
  remote: https://rubygems.org/
  specs:
    byebug (11.0.1)
    ethon (0.12.0)
      ffi (>= 1.3.0)
    ffi (1.11.2)
    json (2.2.0)
    optimist (3.0.0)
    typhoeus (1.3.1)
      ethon (>= 0.9.0)

PLATFORMS
  ruby
  x86_64-darwin-18

DEPENDENCIES
  byebug
  catalog-api-client-ruby (~> 1.0.0)!
  optimist

BUNDLED WITH
   1.17.3
